GEM
  remote: https://rubygems.org/
  specs:
    chronic (0.10.2)
    whenever (1.0.0)
      chronic (>= 0.6.3)

PLATFORMS
  arm64-darwin-24
  ruby

DEPENDENCIES
  whenever (~> 1.0)

BUNDLED WITH
   2.6.9
